GEM
  remote: https://rubygems.org/
  specs:
    childprocess (4.1.0)
    coderay (1.1.3)
    method_source (1.1.0)
    nokogiri (1.13.10-arm64-darwin)
      racc (~> 1.4)
    pry (0.14.2)
      coderay (~> 1.1)
      method_source (~> 1.0)
    racc (1.8.0)
    regexp_parser (2.9.2)
    rexml (3.3.0)
      strscan
    rubyzip (2.3.2)
    selenium-webdriver (4.1.0)
      childprocess (>= 0.5, < 5.0)
      rexml (~> 3.2, >= 3.2.5)
      rubyzip (>= 1.2.2)
    strscan (3.1.0)
    watir (7.1.0)
      regexp_parser (>= 1.2, < 3)
      selenium-webdriver (~> 4.0)

PLATFORMS
  arm64-darwin-23

DEPENDENCIES
  nokogiri
  pry
  watir

RUBY VERSION
   ruby 2.6.10p210

BUNDLED WITH
   2.4.22
